GEM
  remote: https://rubygems.org/
  specs:
    bson (1.10.0)
    bson_ext (1.10.0)
      bson (~> 1.10.0)
    coderay (1.1.0)
    faker (1.3.0)
      i18n (~> 0.5)
    i18n (0.6.9)
    method_source (0.8.2)
    mongo (1.10.0)
      bson (~> 1.10.0)
    pry (0.9.12.6)
      coderay (~> 1.0)
      method_source (~> 0.8)
      slop (~> 3.4)
    slop (3.5.0)

PLATFORMS
  ruby

DEPENDENCIES
  bson_ext
  faker
  mongo
  pry
